GIT
  remote: git://github.com/newleaders/thincloud-test.git
  revision: 98a0dc247ef25b85379514309f8ff1cf1be239ac
  branch: rails4
  specs:
    thincloud-test (2.0.0.alpha2)
      cane (~> 2.6.0)
      guard (~> 1.8.0)
      guard-minitest (~> 1.0.0.rc.2)
      minitest (>= 4.2)
      mocha (~> 0.14.0)
      simplecov (~> 0.8.0.pre)
      terminal-notifier-guard (~> 1.5.3)
      thor (~> 0.18.1)

PATH
  remote: .
  specs:
    pgbackups-archive (0.2.1)
      bundler (>= 1.2.3)
      fog (>= 1.4.0)
      heroku (>= 2.34.0)
      rake (>= 0.9.2.2)

GEM
  remote: https://rubygems.org/
  specs:
    addressable (2.3.5)
    ansi (1.4.3)
    builder (3.2.2)
    cane (2.6.1)
      parallel
    coderay (1.1.0)
    docile (1.1.1)
    excon (0.25.3)
    ffi (1.9.3)
    fog (1.15.0)
      builder
      excon (~> 0.25.0)
      formatador (~> 0.2.0)
      mime-types
      multi_json (~> 1.0)
      net-scp (~> 1.1)
      net-ssh (>= 2.1.3)
      nokogiri (~> 1.5)
      ruby-hmac
    formatador (0.2.4)
    guard (1.8.3)
      formatador (>= 0.2.4)
      listen (~> 1.3)
      lumberjack (>= 1.0.2)
      pry (>= 0.9.10)
      thor (>= 0.14.6)
    guard-minitest (1.0.1)
      guard (>= 1.8)
      minitest (>= 2.1)
    hashie (2.0.5)
    heroku (3.1.0)
      heroku-api (~> 0.3.7)
      launchy (>= 0.3.2)
      netrc (~> 0.7.7)
      rest-client (~> 1.6.1)
      rubyzip
    heroku-api (0.3.15)
      excon (~> 0.25.1)
    launchy (2.4.2)
      addressable (~> 2.3)
    listen (1.3.1)
      rb-fsevent (>= 0.9.3)
      rb-inotify (>= 0.9)
      rb-kqueue (>= 0.2)
    lumberjack (1.0.4)
    metaclass (0.0.1)
    method_source (0.8.2)
    mime-types (2.0)
    mini_portile (0.5.2)
    minitest (5.1.0)
    minitest-reporters (1.0.0)
      ansi
      builder
      minitest (>= 5.0)
      powerbar
    mocha (0.14.0)
      metaclass (~> 0.0.1)
    multi_json (1.8.2)
    net-scp (1.1.2)
      net-ssh (>= 2.6.5)
    net-ssh (2.7.0)
    netrc (0.7.7)
    nokogiri (1.6.0)
      mini_portile (~> 0.5.0)
    parallel (0.9.1)
    powerbar (1.0.11)
      ansi (~> 1.4.0)
      hashie (>= 1.1.0)
    pry (0.9.12.4)
      coderay (~> 1.0)
      method_source (~> 0.8)
      slop (~> 3.4)
    rake (10.1.0)
    rb-fsevent (0.9.3)
    rb-inotify (0.9.2)
      ffi (>= 0.5.0)
    rb-kqueue (0.2.0)
      ffi (>= 0.5.0)
    rest-client (1.6.7)
      mime-types (>= 1.16)
    ruby-hmac (0.4.0)
    rubyzip (1.1.0)
    simplecov (0.8.2)
      docile (~> 1.1.0)
      multi_json
      simplecov-html (~> 0.8.0)
    simplecov-html (0.8.0)
    slop (3.4.7)
    terminal-notifier-guard (1.5.3)
    thor (0.18.1)

PLATFORMS
  ruby

DEPENDENCIES
  minitest-reporters (~> 1.0.0)
  pgbackups-archive!
  thincloud-test!
